GEM
  remote: https://rubygems.org/
  specs:
    log4r (1.1.10)
    mimemagic (0.3.5)
    mini_portile2 (2.5.0)
    nokogiri (1.11.1)
      mini_portile2 (~> 2.5.0)
      racc (~> 1.4)
    polyglot (0.3.5)
    racc (1.5.2)
    slaw (10.3.1)
      log4r (~> 1.1)
      mimemagic (~> 0.2)
      nokogiri (~> 1.8)
      thor (~> 0.20)
      treetop (~> 1.5)
    thor (0.20.3)
    treetop (1.6.11)
      polyglot (~> 0.3)

PLATFORMS
  ruby

DEPENDENCIES
  slaw (~> 10.3)

RUBY VERSION
   ruby 2.6.5p114

BUNDLED WITH
   1.17.3
